PATH
  remote: .
  specs:
    gboom (0.0.7)
      clipboard (= 1.0.1)
      github_api (= 0.8.1)
      gli (= 2.4.1)

GEM
  remote: http://rubygems.org/
  specs:
    aruba (0.5.0)
      childprocess (= 0.2.3)
      cucumber (>= 1.1.1)
      ffi (>= 1.0.11)
      rspec-expectations (>= 2.7.0)
    builder (3.1.4)
    childprocess (0.2.3)
      ffi (~> 1.0.6)
    clipboard (1.0.1)
    cucumber (1.2.1)
      builder (>= 2.1.2)
      diff-lcs (>= 1.1.3)
      gherkin (~> 2.11.0)
      json (>= 1.4.6)
    diff-lcs (1.1.3)
    faraday (0.8.4)
      multipart-post (~> 1.1)
    ffi (1.0.11)
    gherkin (2.11.5)
      json (>= 1.4.6)
    github_api (0.8.1)
      faraday (~> 0.8.1)
      hashie (~> 1.2.0)
      multi_json (~> 1.3)
      nokogiri (~> 1.5.2)
      oauth2
    gli (2.4.1)
    hashie (1.2.0)
    httpauth (0.2.0)
    json (1.7.5)
    jwt (0.1.5)
      multi_json (>= 1.0)
    multi_json (1.3.7)
    multipart-post (1.1.5)
    nokogiri (1.5.5)
    oauth2 (0.8.0)
      faraday (~> 0.8)
      httpauth (~> 0.1)
      jwt (~> 0.1.4)
      multi_json (~> 1.0)
      rack (~> 1.2)
    rack (1.4.1)
    rake (10.0.2)
    rdoc (3.12)
      json (~> 1.4)
    rspec-expectations (2.12.0)
      diff-lcs (~> 1.1.3)

PLATFORMS
  ruby

DEPENDENCIES
  aruba
  gboom!
  rake
  rdoc
